GEM
  remote: https://rubygems.org/
  specs:
    ast (2.4.0)
    curb (0.9.6)
    jaro_winkler (1.5.1)
    mini_portile2 (2.3.0)
    nokogiri (1.8.2)
      mini_portile2 (~> 2.3.0)
    parallel (1.12.1)
    parser (2.5.1.0)
      ast (~> 2.4.0)
    powerpack (0.1.2)
    rainbow (3.0.0)
    rubocop (0.57.2)
      jaro_winkler (~> 1.5.1)
      parallel (~> 1.10)
      parser (>= 2.5)
      powerpack (~> 0.1)
      rainbow (>= 2.2.2, < 4.0)
      ruby-progressbar (~> 1.7)
      unicode-display_width (~> 1.0, >= 1.0.1)
    ruby-progressbar (1.9.0)
    unicode-display_width (1.4.0)

PLATFORMS
  ruby

DEPENDENCIES
  curb
  nokogiri
  rubocop

BUNDLED WITH
   1.16.2
